GEM
  remote: https://rubygems.org/
  specs:
    actionmailer (4.2.10)
      actionpack (= 4.2.10)
      actionview (= 4.2.10)
      activejob (= 4.2.10)
      mail (~> 2.5, >= 2.5.4)
      rails-dom-testing (~> 1.0, >= 1.0.5)
    actionpack (4.2.10)
      actionview (= 4.2.10)
      activesupport (= 4.2.10)
      rack (~> 1.6)
      rack-test (~> 0.6.2)
      rails-dom-testing (~> 1.0, >= 1.0.5)
      rails-html-sanitizer (~> 1.0, >= 1.0.2)
    actionview (4.2.10)
      activesupport (= 4.2.10)
      builder (~> 3.1)
      erubis (~> 2.7.0)
      rails-dom-testing (~> 1.0, >= 1.0.5)
      rails-html-sanitizer (~> 1.0, >= 1.0.3)
    activejob (4.2.10)
      activesupport (= 4.2.10)
      globalid (>= 0.3.0)
    activemodel (4.2.10)
      activesupport (= 4.2.10)
      builder (~> 3.1)
    activerecord (4.2.10)
      activemodel (= 4.2.10)
      activesupport (= 4.2.10)
      arel (~> 6.0)
    activesupport (4.2.10)
      i18n (~> 0.7)
      minitest (~> 5.1)
      thread_safe (~> 0.3, >= 0.3.4)
      tzinfo (~> 1.1)
    acts_as_commentable (4.0.2)
    arel (6.0.4)
    aws_cf_signer (0.1.3)
    bcrypt (3.1.11)
    better_errors (2.4.0)
      coderay (>= 1.0.0)
      erubi (>= 1.0.0)
      rack (>= 0.9.0)
    bootstrap_form (2.7.0)
    builder (3.2.3)
    callsite (0.0.11)
    cloudinary (1.9.1)
      aws_cf_signer
      rest-client
    coderay (1.1.2)
    coffee-rails (4.1.1)
      coffee-script (>= 2.2.0)
      railties (>= 4.0.0, < 5.1.x)
    coffee-script (2.4.1)
      coffee-script-source
      execjs
    coffee-script-source (1.12.2)
    concurrent-ruby (1.0.5)
    connection_pool (2.2.1)
    crass (1.0.4)
    database_cleaner (1.6.2)
    devise (4.4.3)
      bcrypt (~> 3.0)
      orm_adapter (~> 0.1)
      railties (>= 4.1.0, < 6.0)
      responders
      warden (~> 1.2.3)
    diff-lcs (1.3)
    domain_name (0.5.20180417)
      unf (>= 0.0.5, < 1.0.0)
    embedly (1.9.1)
      json
      oauth
      querystring
    erubi (1.7.1)
    erubis (2.7.0)
    execjs (2.7.0)
    fabrication (2.20.1)
    faraday (0.12.2)
      multipart-post (>= 1.2, < 3)
    figaro (1.1.1)
      thor (~> 0.14)
    globalid (0.4.1)
      activesupport (>= 4.2.0)
    hashie (3.5.7)
    hike (1.2.3)
    http-cookie (1.0.3)
      domain_name (~> 0.5)
    i18n (0.9.5)
      concurrent-ruby (~> 1.0)
    jbuilder (2.7.0)
      activesupport (>= 4.2.0)
      multi_json (>= 1.2)
    jquery-rails (4.3.1)
      rails-dom-testing (>= 1, < 3)
      railties (>= 4.2.0)
      thor (>= 0.14, < 2.0)
    json (2.1.0)
    jwt (1.5.6)
    kaminari (1.1.1)
      activesupport (>= 4.1.0)
      kaminari-actionview (= 1.1.1)
      kaminari-activerecord (= 1.1.1)
      kaminari-core (= 1.1.1)
    kaminari-actionview (1.1.1)
      actionview
      kaminari-core (= 1.1.1)
    kaminari-activerecord (1.1.1)
      activerecord
      kaminari-core (= 1.1.1)
    kaminari-core (1.1.1)
    loofah (2.2.2)
      crass (~> 1.0.2)
      nokogiri (>= 1.5.9)
    mail (2.7.0)
      mini_mime (>= 0.1.1)
    meta_request (0.6.0)
      callsite (~> 0.0, >= 0.0.11)
      rack-contrib (>= 1.1, < 3)
      railties (>= 3.0.0, < 6)
    method_source (0.9.0)
    mime-types (3.1)
      mime-types-data (~> 3.2015)
    mime-types-data (3.2016.0521)
    mini_magick (4.8.0)
    mini_mime (1.0.0)
    mini_portile2 (2.3.0)
    minitest (5.11.3)
    multi_json (1.13.1)
    multi_xml (0.6.0)
    multipart-post (2.0.0)
    netrc (0.11.0)
    nokogiri (1.8.2)
      mini_portile2 (~> 2.3.0)
    oauth (0.5.4)
    oauth2 (1.4.0)
      faraday (>= 0.8, < 0.13)
      jwt (~> 1.0)
      multi_json (~> 1.3)
      multi_xml (~> 0.5)
      rack (>= 1.2, < 3)
    omniauth (1.8.1)
      hashie (>= 3.4.6, < 3.6.0)
      rack (>= 1.6.2, < 3)
    omniauth-facebook (5.0.0)
      omniauth-oauth2 (~> 1.2)
    omniauth-oauth2 (1.5.0)
      oauth2 (~> 1.1)
      omniauth (~> 1.2)
    orm_adapter (0.5.0)
    pg (0.15.1)
    pry (0.11.3)
      coderay (~> 1.1.0)
      method_source (~> 0.9.0)
    querystring (0.1.0)
    rack (1.6.9)
    rack-contrib (1.8.0)
      rack (~> 1.4)
    rack-protection (2.0.1)
      rack
    rack-rewrite (1.5.1)
    rack-test (0.6.3)
      rack (>= 1.0)
    rails (4.2.10)
      actionmailer (= 4.2.10)
      actionpack (= 4.2.10)
      actionview (= 4.2.10)
      activejob (= 4.2.10)
      activemodel (= 4.2.10)
      activerecord (= 4.2.10)
      activesupport (= 4.2.10)
      bundler (>= 1.3.0, < 2.0)
      railties (= 4.2.10)
      sprockets-rails
    rails-deprecated_sanitizer (1.0.3)
      activesupport (>= 4.2.0.alpha)
    rails-dom-testing (1.0.9)
      activesupport (>= 4.2.0, < 5.0)
      nokogiri (~> 1.6)
      rails-deprecated_sanitizer (>= 1.0.1)
    rails-html-sanitizer (1.0.4)
      loofah (~> 2.2, >= 2.2.2)
    rails_12factor (0.0.3)
      rails_serve_static_assets
      rails_stdout_logging
    rails_serve_static_assets (0.0.5)
    rails_stdout_logging (0.0.5)
    railties (4.2.10)
      actionpack (= 4.2.10)
      activesupport (= 4.2.10)
      rake (>= 0.8.7)
      thor (>= 0.18.1, < 2.0)
    rake (12.3.1)
    rdoc (6.0.3)
    redis (4.0.1)
    responders (2.4.0)
      actionpack (>= 4.2.0, < 5.3)
      railties (>= 4.2.0, < 5.3)
    rest-client (2.0.2)
      http-cookie (>= 1.0.2, < 2.0)
      mime-types (>= 1.16, < 4.0)
      netrc (~> 0.8)
    rspec-core (3.7.1)
      rspec-support (~> 3.7.0)
    rspec-expectations (3.7.0)
      diff-lcs (>= 1.2.0, < 2.0)
      rspec-support (~> 3.7.0)
    rspec-mocks (3.7.0)
      diff-lcs (>= 1.2.0, < 2.0)
      rspec-support (~> 3.7.0)
    rspec-rails (3.7.2)
      actionpack (>= 3.0)
      activesupport (>= 3.0)
      railties (>= 3.0)
      rspec-core (~> 3.7.0)
      rspec-expectations (~> 3.7.0)
      rspec-mocks (~> 3.7.0)
      rspec-support (~> 3.7.0)
    rspec-support (3.7.1)
    sass (3.2.19)
    sass-rails (4.0.5)
      railties (>= 4.0.0, < 5.0)
      sass (~> 3.2.2)
      sprockets (~> 2.8, < 3.0)
      sprockets-rails (~> 2.0)
    sdoc (1.0.0)
      rdoc (>= 5.0)
    shoulda-matchers (3.1.2)
      activesupport (>= 4.0.0)
    sidekiq (5.1.3)
      concurrent-ruby (~> 1.0)
      connection_pool (~> 2.2, >= 2.2.0)
      rack-protection (>= 1.5.0)
      redis (>= 3.3.5, < 5)
    slim (3.0.9)
      temple (>= 0.7.6, < 0.9)
      tilt (>= 1.3.3, < 2.1)
    sprockets (2.12.4)
      hike (~> 1.2)
      multi_json (~> 1.0)
      rack (~> 1.0)
      tilt (~> 1.1, != 1.3.0)
    sprockets-rails (2.3.3)
      actionpack (>= 3.0)
      activesupport (>= 3.0)
      sprockets (>= 2.8, < 4.0)
    sqlite3 (1.3.13)
    temple (0.8.0)
    thor (0.20.0)
    thread_safe (0.3.6)
    tilt (1.4.1)
    turbolinks (5.1.1)
      turbolinks-source (~> 5.1)
    turbolinks-source (5.1.0)
    tzinfo (1.2.5)
      thread_safe (~> 0.1)
    uglifier (3.2.0)
      execjs (>= 0.3.0, < 3)
    unf (0.1.4)
      unf_ext
    unf_ext (0.0.7.5)
    warden (1.2.7)
      rack (>= 1.0)

PLATFORMS
  ruby

DEPENDENCIES
  acts_as_commentable
  better_errors
  bootstrap_form
  cloudinary
  coffee-rails (~> 4.1.0)
  database_cleaner
  devise
  embedly
  fabrication
  figaro
  jbuilder (~> 2.7)
  jquery-rails
  kaminari
  meta_request
  mini_magick
  omniauth
  omniauth-facebook
  pg (~> 0.15.0)
  pry
  rack-rewrite (~> 1.5.0)
  rails (>= 4.2.10)
  rails_12factor
  redis
  rest-client
  rspec-rails
  sass-rails (~> 4.0.0)
  sdoc
  shoulda-matchers
  sidekiq
  slim
  sqlite3
  turbolinks
  uglifier (>= 1.3.0, < 4.0.0)

RUBY VERSION
   ruby 2.3.7p456

BUNDLED WITH
   1.16.1
